GEM
  remote: https://rubygems.org/
  specs:
    minitest (5.10.2)
    minitest-color (0.0.2)
      minitest (~> 5)

PLATFORMS
  ruby

DEPENDENCIES
  minitest
  minitest-color

BUNDLED WITH
   1.14.6
